PATH
  remote: .
  specs:
    rdstation-ruby-client (0.1.2)
      httparty (~> 0.12)

GEM
  remote: https://rubygems.org/
  specs:
    ansi (1.5.0)
    diff-lcs (1.2.5)
    httparty (0.16.2)
      multi_xml (>= 0.5.2)
    minitest (4.7.5)
    multi_xml (0.6.0)
    rake (10.1.0)
    rspec (3.1.0)
      rspec-core (~> 3.1.0)
      rspec-expectations (~> 3.1.0)
      rspec-mocks (~> 3.1.0)
    rspec-core (3.1.7)
      rspec-support (~> 3.1.0)
    rspec-expectations (3.1.2)
      diff-lcs (>= 1.2.0, < 2.0)
      rspec-support (~> 3.1.0)
    rspec-mocks (3.1.3)
      rspec-support (~> 3.1.0)
    rspec-support (3.1.2)
    turn (0.9.7)
      ansi
      minitest (~> 4)

PLATFORMS
  ruby

DEPENDENCIES
  bundler (~> 1.3)
  rake
  rdstation-ruby-client!
  rspec
  turn

BUNDLED WITH
   1.16.1
