PATH
  remote: .
  specs:
    rdstation-ruby-client (0.1.2)
      httparty (~> 0.12)

GEM
  remote: https://rubygems.org/
  specs:
    addressable (2.3.7)
    ansi (1.5.0)
    crack (0.4.2)
      safe_yaml (~> 1.0.0)
    diff-lcs (1.2.5)
    httparty (0.16.2)
      multi_xml (>= 0.5.2)
    minitest (4.7.5)
    multi_xml (0.6.0)
    rake (10.1.0)
    rspec (3.1.0)
      rspec-core (~> 3.1.0)
      rspec-expectations (~> 3.1.0)
      rspec-mocks (~> 3.1.0)
    rspec-core (3.1.7)
      rspec-support (~> 3.1.0)
    rspec-expectations (3.1.2)
      diff-lcs (>= 1.2.0, < 2.0)
      rspec-support (~> 3.1.0)
    rspec-mocks (3.1.3)
      rspec-support (~> 3.1.0)
    rspec-support (3.1.2)
    safe_yaml (1.0.4)
    turn (0.9.7)
      ansi
      minitest (~> 4)
    webmock (1.20.4)
      addressable (>= 2.3.6)
      crack (>= 0.3.2)

PLATFORMS
  ruby

DEPENDENCIES
  bundler (~> 1.3)
  rake
  rdstation-ruby-client!
  rspec
  turn
  webmock

BUNDLED WITH
   1.16.1
